GEM
  remote: https://rubygems.org/
  specs:
    coderay (1.1.0)
    method_source (0.8.2)
    mysql2 (0.3.18)
    pry (0.10.1)
      coderay (~> 1.1.0)
      method_source (~> 0.8.1)
      slop (~> 3.4)
    ruby-kafka (0.3.2)
    slop (3.6.0)

PLATFORMS
  ruby

DEPENDENCIES
  mysql2
  pry
  ruby-kafka

BUNDLED WITH
   1.10.3
